GEM
  remote: https://rubygems.org/
  specs:
    backports (3.10.3)
    json (2.1.0)
    multi_json (1.12.2)
    mustermann (1.0.1)
    rack (2.0.3)
    rack-protection (2.0.0)
      rack
    sinatra (2.0.0)
      mustermann (~> 1.0)
      rack (~> 2.0)
      rack-protection (= 2.0.0)
      tilt (~> 2.0)
    sinatra-contrib (2.0.0)
      backports (>= 2.0)
      multi_json
      mustermann (~> 1.0)
      rack-protection (= 2.0.0)
      sinatra (= 2.0.0)
      tilt (>= 1.3, < 3)
    slack-notifier (2.3.1)
    tilt (2.0.8)
    webrick (1.3.1)

PLATFORMS
  ruby

DEPENDENCIES
  json
  sinatra
  sinatra-contrib
  slack-notifier
  webrick

BUNDLED WITH
   1.15.4
